PATH
  remote: .
  specs:
    offsite_payments_latipay (0.1.0)
      offsite_payments

GEM
  remote: https://rubygems.org/
  specs:
    actionpack (6.0.2.2)
      actionview (= 6.0.2.2)
      activesupport (= 6.0.2.2)
      rack (~> 2.0, >= 2.0.8)
      rack-test (>= 0.6.3)
      rails-dom-testing (~> 2.0)
      rails-html-sanitizer (~> 1.0, >= 1.2.0)
    actionview (6.0.2.2)
      activesupport (= 6.0.2.2)
      builder (~> 3.1)
      erubi (~> 1.4)
      rails-dom-testing (~> 2.0)
      rails-html-sanitizer (~> 1.1, >= 1.2.0)
    active_utils (3.3.17)
      activesupport (>= 4.2)
      i18n
    activesupport (6.0.2.2)
      concurrent-ruby (~> 1.0, >= 1.0.2)
      i18n (>= 0.7, < 2)
      minitest (~> 5.1)
      tzinfo (~> 1.1)
      zeitwerk (~> 2.2)
    builder (3.2.4)
    concurrent-ruby (1.1.6)
    crass (1.0.6)
    erubi (1.9.0)
    i18n (1.8.2)
      concurrent-ruby (~> 1.0)
    loofah (2.4.0)
      crass (~> 1.0.2)
      nokogiri (>= 1.5.9)
    mini_portile2 (2.4.0)
    minitest (5.14.0)
    money (6.13.7)
      i18n (>= 0.6.4, <= 2)
    nokogiri (1.10.9)
      mini_portile2 (~> 2.4.0)
    offsite_payments (2.7.22)
      actionpack (>= 5.2.3)
      actionview (>= 5.1.6.2)
      active_utils (~> 3.3.0)
      activesupport (>= 5.2.3)
      builder (>= 2.1.2, < 4.0.0)
      i18n (>= 0.6.6)
      nokogiri (>= 1.8.5)
    power_assert (1.1.7)
    rack (2.2.2)
    rack-test (1.1.0)
      rack (>= 1.0, < 3)
    rails-dom-testing (2.0.3)
      activesupport (>= 4.2.0)
      nokogiri (>= 1.6)
    rails-html-sanitizer (1.3.0)
      loofah (~> 2.3)
    rake (13.0.1)
    test-unit (3.3.5)
      power_assert
    thread_safe (0.3.6)
    tzinfo (1.2.6)
      thread_safe (~> 0.1)
    zeitwerk (2.3.0)

PLATFORMS
  ruby
  x86_64-linux

DEPENDENCIES
  bundler
  money
  offsite_payments
  offsite_payments_latipay!
  rake
  test-unit (~> 3.0)

BUNDLED WITH
   2.1.4
